NUGET
  remote: https://nuget.org/api/v2
  specs:
    FAKE (4.11.0)
    FSharp.Compiler.Service (1.4.0.6)
    FSharp.Configuration (0.5.7)
    FSharp.Core (4.0.0.1)
    FSharp.Formatting (2.12.0)
      FSharp.Compiler.Service (1.4.0.6)
      FSharpVSPowerTools.Core (2.1.0)
    FSharpVSPowerTools.Core (2.1.0)
      FSharp.Compiler.Service (>= 1.4.0.6)
    Microsoft.AspNet.Razor (3.2.3) - framework: >= net45
    NuGet.CommandLine (3.3.0)
    NUnit (3.0.1)
    NUnit.Console (3.0.1)
    NUnit.Runners (3.0.1)
      NUnit.Console (3.0.1)
    RazorEngine (3.7.5)
      Microsoft.AspNet.Razor (>= 3.0.0) - framework: >= net45
      Microsoft.AspNet.Razor (2.0.30506.0) - framework: net40
    Suave (0.33.0)
      FSharp.Core (>= 3.1.2.5)
GITHUB
  remote: forki/FsUnit
  specs:
    FsUnit.fs (ddee2d57be2afd2b5a0327b87dd5b8d1dea947ce)